GEM
  remote: https://rubygems.org/
  specs:
    rugged (1.1.0)

PLATFORMS
  x86_64-darwin-19

DEPENDENCIES
  rugged (~> 1.1)

RUBY VERSION
   ruby 3.0.0p0

BUNDLED WITH
   2.2.3
